PATH
  remote: .
  specs:
    christest (0.1.0)

GEM
  remote: https://rubygems.org/
  specs:
    rake (13.0.6)
    rexml (3.2.5)
    rubyzip (2.3.2)
    selenium-webdriver (4.7.1)
      rexml (~> 3.2, >= 3.2.5)
      rubyzip (>= 1.2.2, < 3.0)
      websocket (~> 1.0)
    websocket (1.2.9)

PLATFORMS
  x64-mingw-ucrt

DEPENDENCIES
  christest!
  rake (~> 13.0)
  selenium-webdriver (>= 3.142.7)

BUNDLED WITH
   2.3.26
